PATH
  remote: .
  specs:
    gem-src-srv (0.1.1)
      retryable (~> 3.0)

GEM
  remote: https://rubygems.org/
  specs:
    rake (10.5.0)
    retryable (3.0.0)

PLATFORMS
  ruby

DEPENDENCIES
  bundler (~> 1.16)
  gem-src-srv!
  rake (~> 10.0)

BUNDLED WITH
   1.16.1
